PATH
  remote: .
  specs:
    marky_markdown (0.2.2)

GEM
  remote: https://rubygems.org/
  specs:
    minitest (5.13.0)
    rake (13.0.1)

PLATFORMS
  ruby

DEPENDENCIES
  bundler (~> 2.0)
  marky_markdown!
  minitest (~> 5.0)
  rake (~> 13.0)

BUNDLED WITH
   2.0.2
