PATH
  remote: .
  specs:
    marky_markdown (0.3.0)

GEM
  remote: https://rubygems.org/
  specs:
    minitest (5.13.0)
    rake (13.0.1)

PLATFORMS
  ruby

DEPENDENCIES
  bundler (~> 1.16)
  marky_markdown!
  minitest (~> 5.0)
  rake (~> 13.0)

BUNDLED WITH
   1.16.6
