PATH
  remote: .
  specs:
    marky_markdown (0.3.0)

GEM
  remote: https://rubygems.org/
  specs:
    minitest (5.11.3)
    rake (12.3.3)

PLATFORMS
  ruby

DEPENDENCIES
  bundler (~> 1.16)
  marky_markdown!
  minitest (~> 5.0)
  rake (~> 12.3)

BUNDLED WITH
   1.16.6
